GEM
  remote: https://rubygems.org/
  specs:
    chunky_png (1.3.5)
    hashie (3.4.1)
    nokogiri (1.5.11)
    psd (3.3.1)
      chunky_png
      psd-enginedata (~> 1)
      rake
      xmp
    psd-enginedata (1.1.1)
      hashie
    rake (10.4.2)
    xmp (0.2.0)
      nokogiri (~> 1.5.0)

PLATFORMS
  ruby

DEPENDENCIES
  psd
  rake
